GIT
  remote: https://github.com/zetachang/react.rb
  revision: 3750d4610ed2361aa4b4bbab5ccb270284a06e2a
  specs:
    reactive-ruby (0.7.33)
      opal
      opal-activesupport (>= 0.2.0)
      opal-browser

GEM
  remote: https://rubygems.org/
  specs:
    concurrent-ruby (1.0.0)
    hike (1.2.3)
    opal (0.8.1)
      hike (~> 1.2)
      sourcemap (~> 0.1.0)
      sprockets (~> 3.1)
      tilt (>= 1.4)
    opal-activesupport (0.2.0)
      opal (>= 0.5.0, < 1.0.0)
    opal-browser (0.2.0)
      opal
      paggio
    paggio (0.2.5)
    puma (2.15.3)
    rack (1.6.4)
    rack-protection (1.5.3)
      rack
    ruta (0.1.0)
      opal (~> 0.8)
      opal-browser (~> 0.2)
    sinatra (1.4.6)
      rack (~> 1.4)
      rack-protection (~> 1.4)
      tilt (>= 1.3, < 3)
    sourcemap (0.1.1)
    sprockets (3.5.2)
      concurrent-ruby (~> 1.0)
      rack (> 1, < 3)
    tilt (2.0.1)
    yard (0.8.7.6)

PLATFORMS
  ruby

DEPENDENCIES
  opal (= 0.8.1)
  opal-browser (~> 0.2)
  puma
  reactive-ruby (~> 0.7)!
  ruta (~> 0.1)
  sinatra
  yard (~> 0.8)

BUNDLED WITH
   1.10.6
